PATH
  remote: .
  specs:
    azure-tts (1.0.0)
      faraday
      faraday_middleware

GEM
  remote: https://rubygems.org/
  specs:
    addressable (2.7.0)
      public_suffix (>= 2.0.2, < 5.0)
    coderay (1.1.2)
    crack (0.4.3)
      safe_yaml (~> 1.0.0)
    faraday (0.15.4)
      multipart-post (>= 1.2, < 3)
    faraday_middleware (0.13.1)
      faraday (>= 0.7.4, < 1.0)
    hashdiff (1.0.0)
    method_source (0.9.2)
    minitest (5.11.3)
    minitest-around (0.5.0)
      minitest (~> 5.0)
    multi_json (1.13.1)
    multipart-post (2.1.1)
    pry (0.12.2)
      coderay (~> 1.1.0)
      method_source (~> 0.9.0)
    public_suffix (4.0.1)
    rake (10.5.0)
    safe_yaml (1.0.5)
    vcr (2.9.3)
    webmock (3.7.2)
      addressable (>= 2.3.6)
      crack (>= 0.3.2)
      hashdiff (>= 0.4.0, < 2.0.0)

PLATFORMS
  ruby

DEPENDENCIES
  azure-tts!
  bundler (~> 2.1.4)
  minitest (~> 5.0)
  minitest-around
  multi_json
  pry
  rake (~> 10.0)
  vcr
  webmock

BUNDLED WITH
   2.1.4
